GEM
  remote: http://rubygems.org/
  specs:
    ZenTest (4.4.2)
    autotest (4.4.6)
      ZenTest (>= 4.4.1)
    awesome_print (0.3.1)
    bond (0.4.0)
    builder (3.0.0)
    cucumber (0.10.0)
      builder (>= 2.1.2)
      diff-lcs (~> 1.1.2)
      gherkin (~> 2.3.2)
      json (~> 1.4.6)
      term-ansicolor (~> 1.0.5)
    diff-lcs (1.1.2)
    gherkin (2.3.3)
      json (~> 1.4.6)
    hirb (0.3.6)
    json (1.4.6)
    mocha (0.9.10)
      rake
    rake (0.8.7)
    rspec (2.4.0)
      rspec-core (~> 2.4.0)
      rspec-expectations (~> 2.4.0)
      rspec-mocks (~> 2.4.0)
    rspec-core (2.4.0)
    rspec-expectations (2.4.0)
      diff-lcs (~> 1.1.2)
    rspec-mocks (2.4.0)
    sketches (0.1.1)
    term-ansicolor (1.0.5)
    wirble (0.1.3)

PLATFORMS
  ruby

DEPENDENCIES
  autotest
  awesome_print
  bond
  cucumber
  hirb
  mocha
  rspec
  sketches
  wirble
